GEM
  remote: https://rubygems.org/
  specs:
    date (3.4.1)

PLATFORMS
  ruby
  x86_64-linux

DEPENDENCIES
  date (~> 3.4)

BUNDLED WITH
   2.6.2
